GEM
  remote: https://rubygems.org/
  specs:
    rack (2.2.3)

PLATFORMS
  x86_64-darwin-20

DEPENDENCIES
  rack

RUBY VERSION
   ruby 2.7.2p137

BUNDLED WITH
   2.2.3
